GEM
  remote: http://rubygems.org/
  specs:
    net-ssh (2.6.2)
    net-ssh-gateway (1.1.0)
      net-ssh (>= 1.99.1)
    net-ssh-multi (1.1)
      net-ssh (>= 2.1.4)
      net-ssh-gateway (>= 0.99.0)

PLATFORMS
  ruby

DEPENDENCIES
  net-ssh
  net-ssh-gateway
  net-ssh-multi
